GEM
  remote: https://rubygems.org/
  specs:
    ast (2.4.0)
    async (1.20.1)
      console (~> 1.0)
      nio4r (~> 2.3)
      timers (~> 4.1)
    async-container (0.14.1)
      async (~> 1.0)
      async-io (~> 1.4)
      process-group
    async-http (0.48.2)
      async (~> 1.19)
      async-io (~> 1.25)
      protocol-http (~> 0.12.0)
      protocol-http1 (~> 0.9.0)
      protocol-http2 (~> 0.9.0)
    async-io (1.25.0)
      async (~> 1.14)
    async-rest (0.10.1)
      async-http (~> 0.42)
      protocol-http (~> 0.7)
    build-environment (1.11.0)
    coderay (1.1.2)
    concurrent-ruby (1.1.5)
    console (1.4.0)
    covered (0.13.1)
      async-rest
      console (~> 1.0)
      msgpack
      parser
    diff-lcs (1.3)
    falcon (0.34.2)
      async (~> 1.13)
      async-container (~> 0.14.0)
      async-http (~> 0.48.0)
      async-io (~> 1.22)
      build-environment (~> 1.11)
      localhost (~> 1.1)
      rack (>= 1.0)
      samovar (~> 2.1)
    ffi (1.11.1)
    formatador (0.2.5)
    guard (2.15.1)
      formatador (>= 0.2.4)
      listen (>= 2.7, < 4.0)
      lumberjack (>= 1.0.12, < 2.0)
      nenv (~> 0.1)
      notiffany (~> 0.0)
      pry (>= 0.9.12)
      shellany (~> 0.0)
      thor (>= 0.18.1)
    guard-compat (1.2.1)
    guard-falcon (0.10.0)
      falcon (~> 0.31)
      guard
      guard-compat (~> 1.2)
    guard-rspec (4.7.3)
      guard (~> 2.1)
      guard-compat (~> 1.1)
      rspec (>= 2.99.0, < 4.0)
    http-accept (1.7.0)
    listen (3.1.5)
      rb-fsevent (~> 0.9, >= 0.9.4)
      rb-inotify (~> 0.9, >= 0.9.7)
      ruby_dep (~> 1.2)
    localhost (1.1.6)
    lumberjack (1.0.13)
    mail (2.7.1)
      mini_mime (>= 0.1.1)
    mapping (1.1.1)
    method_source (0.9.2)
    mime-types (3.3)
      mime-types-data (~> 3.2015)
    mime-types-data (3.2019.0904)
    mini_mime (1.0.2)
    msgpack (1.3.1)
    nenv (0.3.0)
    nio4r (2.5.1)
    notiffany (0.1.3)
      nenv (~> 0.1)
      shellany (~> 0.0)
    parser (2.6.4.1)
      ast (~> 2.4.0)
    process-group (1.1.0)
    protocol-hpack (1.4.1)
    protocol-http (0.12.1)
    protocol-http1 (0.9.0)
      protocol-http (~> 0.5)
    protocol-http2 (0.9.5)
      protocol-hpack (~> 1.4)
      protocol-http (~> 0.2)
    pry (0.12.2)
      coderay (~> 1.1.0)
      method_source (~> 0.9.0)
    rack (2.2.3)
    rack-freeze (1.2.0)
      rack (~> 2.0)
    rack-test (1.1.0)
      rack (>= 1.0, < 3)
    rake (12.3.3)
    rake-compiler (1.0.7)
      rake
    rb-fsevent (0.10.3)
    rb-inotify (0.10.0)
      ffi (~> 1.0)
    rspec (3.8.0)
      rspec-core (~> 3.8.0)
      rspec-expectations (~> 3.8.0)
      rspec-mocks (~> 3.8.0)
    rspec-core (3.8.2)
      rspec-support (~> 3.8.0)
    rspec-expectations (3.8.4)
      diff-lcs (>= 1.2.0, < 2.0)
      rspec-support (~> 3.8.0)
    rspec-mocks (3.8.1)
      diff-lcs (>= 1.2.0, < 2.0)
      rspec-support (~> 3.8.0)
    rspec-support (3.8.2)
    ruby_dep (1.5.0)
    samovar (2.1.1)
      console (~> 1.0)
      mapping (~> 1.0)
    shellany (0.0.1)
    thor (0.20.3)
    timers (4.3.0)
    trenni (3.7.1)
      rake-compiler
    utopia (2.9.3)
      concurrent-ruby (~> 1.0)
      console (~> 1.0)
      http-accept (~> 1.6)
      mail (~> 2.6)
      mime-types (~> 3.0)
      msgpack
      rack (~> 2.0)
      samovar (~> 2.1)
      trenni (~> 3.0)

PLATFORMS
  ruby

DEPENDENCIES
  bundler
  covered
  guard-falcon
  guard-rspec
  pry
  rack-freeze (~> 1.2)
  rack-test
  rake
  rspec
  utopia (~> 2.9.3)

BUNDLED WITH
   2.0.2
